GEM
  remote: https://rubygems.org/
  specs:
    faraday (1.0.1)
      multipart-post (>= 1.2, < 3)
    msgpack (1.3.3)
    multipart-post (2.1.1)
    pastel (0.8.0)
      tty-color (~> 0.5)
    strings (0.2.0)
      strings-ansi (~> 0.2)
      unicode-display_width (~> 1.5)
      unicode_utils (~> 1.4)
    strings-ansi (0.2.0)
    tty-color (0.5.2)
    tty-cursor (0.7.1)
    tty-option (0.1.0)
    tty-prompt (0.22.0)
      pastel (~> 0.8)
      tty-reader (~> 0.8)
    tty-reader (0.8.0)
      tty-cursor (~> 0.7)
      tty-screen (~> 0.8)
      wisper (~> 2.0)
    tty-screen (0.8.1)
    tty-table (0.12.0)
      pastel (~> 0.8)
      strings (~> 0.2.0)
      tty-screen (~> 0.8)
    unicode-display_width (1.7.0)
    unicode_utils (1.4.0)
    wisper (2.0.1)

PLATFORMS
  ruby

DEPENDENCIES
  faraday (~> 1.0)
  msgpack (~> 1.3)
  tty-option (~> 0.1.0)
  tty-prompt (~> 0.22.0)
  tty-reader (~> 0.8.0)
  tty-table (~> 0.12.0)

BUNDLED WITH
   2.1.4
